GEM
  remote: https://rubygems.org/
  specs:
    ox (2.9.4)

PLATFORMS
  ruby

DEPENDENCIES
  ox

BUNDLED WITH
   1.16.3
